GEM
  remote: https://rubygems.org/
  specs:
    awesome_print (1.8.0)
    backports (3.18.2)
    builder (3.2.4)
    calabash-android (0.9.8)
      awesome_print (~> 1.2)
      cucumber
      escape (~> 0.0.4)
      httpclient (>= 2.7.1, < 3.0)
      json
      luffa
      rubyzip (~> 1.2)
      slowhandcuke (~> 0.0.3)
    cucumber (3.2.0)
      builder (>= 2.1.2)
      cucumber-core (~> 3.2.0)
      cucumber-expressions (~> 6.0.1)
      cucumber-wire (~> 0.0.1)
      diff-lcs (~> 1.3)
      gherkin (~> 5.1.0)
      multi_json (>= 1.7.5, < 2.0)
      multi_test (>= 0.1.2)
    cucumber-core (3.2.1)
      backports (>= 3.8.0)
      cucumber-tag_expressions (~> 1.1.0)
      gherkin (~> 5.0)
    cucumber-expressions (6.0.1)
    cucumber-tag_expressions (1.1.1)
    cucumber-wire (0.0.1)
    diff-lcs (1.4.4)
    equatable (0.6.1)
    escape (0.0.4)
    gherkin (5.1.0)
    httpclient (2.8.3)
    json (2.3.1)
    kraken-mobile (1.0.4)
      calabash-android (= 0.9.8)
      cucumber (~> 3.1)
      parallel (= 1.14.0)
      tty-prompt (= 0.18.1)
    luffa (2.1.0)
      awesome_print
      json
      retriable (>= 1.3.3.1, < 2.1)
      thor (~> 0.19)
    multi_json (1.15.0)
    multi_test (0.1.2)
    necromancer (0.4.0)
    parallel (1.14.0)
    pastel (0.7.4)
      equatable (~> 0.6)
      tty-color (~> 0.5)
    retriable (2.0.2)
    rubyzip (1.2.1)
    slowhandcuke (0.0.3)
      cucumber
    thor (0.20.3)
    timers (4.3.2)
    tty-color (0.5.2)
    tty-cursor (0.6.1)
    tty-prompt (0.18.1)
      necromancer (~> 0.4.0)
      pastel (~> 0.7.0)
      timers (~> 4.0)
      tty-cursor (~> 0.6.0)
      tty-reader (~> 0.5.0)
    tty-reader (0.5.0)
      tty-cursor (~> 0.6.0)
      tty-screen (~> 0.6.4)
      wisper (~> 2.0.0)
    tty-screen (0.6.5)
    wisper (2.0.1)

PLATFORMS
  ruby

DEPENDENCIES
  kraken-mobile
  rubyzip (= 1.2.1)

BUNDLED WITH
   2.1.4
